GEM
  remote: https://rubygems.org/
  specs:
    osc-ruby (1.1.4)
    securerandom (0.1.0)

PLATFORMS
  ruby

DEPENDENCIES
  osc-ruby (~> 1.1)
  securerandom (~> 0.1.0)

BUNDLED WITH
   2.1.4
